GEM
  remote: https://rubygems.org/
  specs:
    mini_portile (0.6.2)
    nokogiri (1.6.6.2-x86-mingw32)
      mini_portile (~> 0.6.0)
    rake (0.9.6)

PLATFORMS
  x86-mingw32

DEPENDENCIES
  nokogiri
  rake
